PATH
  remote: .
  specs:
    s2c_client (0.0.1)
      curb
      highline
      json

GEM
  remote: http://rubygems.org/
  specs:
    curb (0.7.15)
    highline (1.6.2)
    json (1.5.1)

PLATFORMS
  ruby

DEPENDENCIES
  s2c_client!
