PATH
  remote: .
  specs:
    S2C Client (0.0.1)

GEM
  remote: http://rubygems.org/
  specs:
    curb (0.7.15)
    highline (1.6.2)
    json (1.5.1)

PLATFORMS
  ruby

DEPENDENCIES
  S2C Client!
  curb
  highline
  json
