PATH
  remote: .
  specs:
    s2c (0.1.1)

GEM
  remote: http://rubygems.org/
  specs:
    chronic (0.6.7)
    delorean (1.2.0)
      chronic
    metaclass (0.0.1)
    mocha (0.10.5)
      metaclass (~> 0.0.1)
    multi_json (1.1.0)
    rake (0.9.2.2)
    simplecov (0.6.1)
      multi_json (~> 1.0)
      simplecov-html (~> 0.5.3)
    simplecov-html (0.5.3)

PLATFORMS
  ruby

DEPENDENCIES
  bundler (>= 1.0.0.rc.6)
  delorean
  mocha
  rake (= 0.9.2.2)
  s2c!
  simplecov
