PATH
  remote: .
  specs:
    s2c (0.0.1)

GEM
  remote: http://rubygems.org/
  specs:

PLATFORMS
  ruby

DEPENDENCIES
  s2c!
